GEM
  remote: https://rubygems.org/
  specs:
    ffi (1.13.1)
    net-ssh (6.1.0)
    ptools (1.3.7)
    sys-proctable (1.2.5)
      ffi

PLATFORMS
  ruby

DEPENDENCIES
  net-ssh
  ptools
  sys-proctable

BUNDLED WITH
   2.0.2
