GEM
  remote: https://rubygems.org/
  specs:
    ffi (1.16.3)
    ptools (1.5.0)
    sys-proctable (1.3.0)
      ffi (~> 1.1)

PLATFORMS
  x86_64-linux

DEPENDENCIES
  net-ssh (~> 7.2.1)
  ptools (~> 1.5.0)
  sys-proctable (~> 1.3.0)

BUNDLED WITH
   2.4.10
